PATH
  remote: ../alf/alf-core
  specs:
    alf-core (0.17.0)
      domain (~> 1.0)
      myrrha (~> 3.0)
      path (~> 1.3)
      sexpr (~> 0.6.0)

PATH
  remote: ../alf/alf-rack
  specs:
    alf-rack (0.17.0)
      alf-core (= 0.17.0)
      rack (~> 1.5)
      rack-accept (~> 0.4.5)
      ruby_cop (~> 1.0)

PATH
  remote: ../alf/alf-sequel
  specs:
    alf-sequel (0.17.0)
      alf-core (= 0.17.0)
      alf-sql (= 0.17.0)
      sequel (~> 4.2)

PATH
  remote: ../alf/alf-shell
  specs:
    alf-shell (0.17.0)
      alf-core (= 0.17.0)
      highline (~> 1.6)
      quickl (~> 0.4.3)

PATH
  remote: ../alf/alf-sql
  specs:
    alf-sql (0.17.0)
      alf-core (= 0.17.0)
      sexpr (~> 0.6.0)

GEM
  remote: https://rubygems.org/
  specs:
    diff-lcs (1.2.5)
    domain (1.0.0)
    highline (1.7.1)
    myrrha (3.1.0)
      domain (~> 1.0)
    path (1.3.3)
    quickl (0.4.3)
    rack (1.6.0)
    rack-accept (0.4.5)
      rack (>= 0.4)
    rack-protection (1.5.3)
      rack
    rack-robustness (1.1.0)
    rake (10.4.2)
    rspec (3.2.0)
      rspec-core (~> 3.2.0)
      rspec-expectations (~> 3.2.0)
      rspec-mocks (~> 3.2.0)
    rspec-core (3.2.2)
      rspec-support (~> 3.2.0)
    rspec-expectations (3.2.0)
      diff-lcs (>= 1.2.0, < 2.0)
      rspec-support (~> 3.2.0)
    rspec-mocks (3.2.1)
      diff-lcs (>= 1.2.0, < 2.0)
      rspec-support (~> 3.2.0)
    rspec-support (3.2.2)
    ruby_cop (1.0.5)
    sequel (4.20.0)
    sexpr (0.6.0)
    sinatra (1.4.6)
      rack (~> 1.4)
      rack-protection (~> 1.4)
      tilt (>= 1.3, < 3)
    sqlite3 (1.3.10)
    tilt (2.0.1)

PLATFORMS
  ruby

DEPENDENCIES
  alf-core!
  alf-rack!
  alf-sequel!
  alf-shell!
  alf-sql!
  rack (~> 1.5)
  rack-robustness (~> 1.1)
  rake (~> 10.4)
  rspec (~> 3.0)
  sinatra (~> 1.4)
  sqlite3 (~> 1.3)
