GIT
  remote: git://github.com/alf-tool/alf-core.git
  revision: 95fdbf904a0f7cda543c138ad9f8cae6112aff0e
  specs:
    alf-core (0.17.0)
      domain (~> 1.0)
      myrrha (~> 3.0)
      path (~> 1.3)
      sexpr (~> 0.6.0)

GIT
  remote: git://github.com/alf-tool/alf-rack.git
  revision: f2017e66983c19ad182693b21825003a7fc40cd9
  specs:
    alf-rack (0.17.0)
      alf-core (= 0.17.0)
      rack (~> 1.5)
      rack-accept (~> 0.4.5)
      ruby_cop (~> 1.0)

GIT
  remote: git://github.com/alf-tool/alf-sequel.git
  revision: 918de59890368a0fd89939ff6d2a5923ec38beea
  specs:
    alf-sequel (0.17.0)
      alf-core (= 0.17.0)
      alf-sql (= 0.17.0)
      sequel (~> 4.2)

GIT
  remote: git://github.com/alf-tool/alf-shell.git
  revision: 783a1226468a3493aa9e5c4a6708a96b94592d9f
  specs:
    alf-shell (0.17.0)
      alf-core (= 0.17.0)
      highline (~> 1.6)
      quickl (~> 0.4.3)

GIT
  remote: git://github.com/alf-tool/alf-sql.git
  revision: cbd0c823ad87f118f0ac03ebd20636565e074c7f
  specs:
    alf-sql (0.17.0)
      alf-core (= 0.17.0)
      sexpr (~> 0.6.0)

GEM
  remote: https://rubygems.org/
  specs:
    diff-lcs (1.2.5)
    domain (1.0.0)
    highline (1.7.1)
    myrrha (3.1.0)
      domain (~> 1.0)
    path (1.3.3)
    quickl (0.4.3)
    rack (1.6.0)
    rack-accept (0.4.5)
      rack (>= 0.4)
    rack-protection (1.5.3)
      rack
    rack-robustness (1.1.0)
    rake (10.4.2)
    rspec (3.2.0)
      rspec-core (~> 3.2.0)
      rspec-expectations (~> 3.2.0)
      rspec-mocks (~> 3.2.0)
    rspec-core (3.2.2)
      rspec-support (~> 3.2.0)
    rspec-expectations (3.2.0)
      diff-lcs (>= 1.2.0, < 2.0)
      rspec-support (~> 3.2.0)
    rspec-mocks (3.2.1)
      diff-lcs (>= 1.2.0, < 2.0)
      rspec-support (~> 3.2.0)
    rspec-support (3.2.2)
    ruby_cop (1.0.5)
    sequel (4.20.0)
    sexpr (0.6.0)
    sinatra (1.4.6)
      rack (~> 1.4)
      rack-protection (~> 1.4)
      tilt (>= 1.3, < 3)
    sqlite3 (1.3.10)
    tilt (2.0.1)

PLATFORMS
  ruby

DEPENDENCIES
  alf-core!
  alf-rack!
  alf-sequel!
  alf-shell!
  alf-sql!
  rack (~> 1.5)
  rack-robustness (~> 1.1)
  rake (~> 10.4)
  rspec (~> 3.0)
  sinatra (~> 1.4)
  sqlite3 (~> 1.3)
